PATH
  remote: .
  specs:
    activerecord-sqlserver-adapter-mirroring (0.0.1)
      activerecord-sqlserver-adapter (~> 3.0.15)

GEM
  remote: http://rubygems.org/
  specs:
    activemodel (3.0.8)
      activesupport (= 3.0.8)
      builder (~> 2.1.2)
    activerecord (3.0.8)
      activemodel (= 3.0.8)
      activesupport (= 3.0.8)
      arel (~> 2.0.10)
      tzinfo (~> 0.3.23)
    activerecord-sqlserver-adapter (3.0.15)
      activerecord (~> 3.0.8)
    activesupport (3.0.8)
      i18n (~> 0.5.0)
      multi_json (~> 1.0.4)
    arel (2.0.10)
    builder (2.1.2)
    i18n (0.5.0)
    multi_json (1.0.4)
    tzinfo (0.3.23)

PLATFORMS
  ruby

DEPENDENCIES
  activerecord-sqlserver-adapter-mirroring!